GIT
  remote: https://github.com/kaylareopelle/opentelemetry-ruby-contrib.git
  revision: ffc2d19cdaf1fd90ed64231888f98114ff183626
  branch: metrics-prototype-for-sinatra
  glob: instrumentation/base/*.gemspec
  specs:
    opentelemetry-instrumentation-base (0.22.6)
      opentelemetry-api (~> 1.0)
      opentelemetry-common (~> 0.21)
      opentelemetry-registry (~> 0.1)

GIT
  remote: https://github.com/kaylareopelle/opentelemetry-ruby-contrib.git
  revision: ffc2d19cdaf1fd90ed64231888f98114ff183626
  branch: metrics-prototype-for-sinatra
  glob: instrumentation/rack/*.gemspec
  specs:
    opentelemetry-instrumentation-rack (0.24.6)
      opentelemetry-api (~> 1.0)
      opentelemetry-instrumentation-base (~> 0.22.1)

GIT
  remote: https://github.com/kaylareopelle/opentelemetry-ruby-contrib.git
  revision: ffc2d19cdaf1fd90ed64231888f98114ff183626
  branch: metrics-prototype-for-sinatra
  glob: instrumentation/sinatra/*.gemspec
  specs:
    opentelemetry-instrumentation-sinatra (0.24.1)
      opentelemetry-api (~> 1.0)

GIT
  remote: https://github.com/kaylareopelle/opentelemetry-ruby.git
  revision: ed080e53c3a269abb1fcc42448919a922a86aff8
  branch: temporality-preference-fix
  glob: metrics_sdk/*.gemspec
  specs:
    opentelemetry-metrics-sdk (0.2.0)
      opentelemetry-api (~> 1.1)
      opentelemetry-metrics-api
      opentelemetry-sdk (~> 1.2)

GEM
  remote: https://rubygems.org/
  specs:
    bigdecimal (3.1.8)
    daemons (1.4.1)
    eventmachine (1.2.7)
    google-protobuf (4.28.2-arm64-darwin)
      bigdecimal
      rake (>= 13)
    google-protobuf (4.28.2-x86_64-darwin)
      bigdecimal
      rake (>= 13)
    google-protobuf (4.28.2-x86_64-linux)
      bigdecimal
      rake (>= 13)
    googleapis-common-protos-types (1.16.0)
      google-protobuf (>= 3.18, < 5.a)
    mustermann (3.0.3)
      ruby2_keywords (~> 0.0.1)
    opentelemetry-api (1.1.0)
    opentelemetry-common (0.21.0)
      opentelemetry-api (~> 1.0)
    opentelemetry-exporter-otlp (0.29.0)
      google-protobuf (>= 3.18)
      googleapis-common-protos-types (~> 1.3)
      opentelemetry-api (~> 1.1)
      opentelemetry-common (~> 0.20)
      opentelemetry-sdk (~> 1.2)
      opentelemetry-semantic_conventions
    opentelemetry-exporter-otlp-metrics (0.1.0)
      google-protobuf (>= 3.18, < 5.0)
      googleapis-common-protos-types (~> 1.3)
      opentelemetry-api (~> 1.1)
      opentelemetry-common (~> 0.20)
      opentelemetry-metrics-api (~> 0.1)
      opentelemetry-metrics-sdk (~> 0.2)
      opentelemetry-sdk (~> 1.2)
      opentelemetry-semantic_conventions
    opentelemetry-metrics-api (0.1.0)
      opentelemetry-api (~> 1.0)
    opentelemetry-registry (0.3.0)
      opentelemetry-api (~> 1.1)
    opentelemetry-sdk (1.5.0)
      opentelemetry-api (~> 1.1)
      opentelemetry-common (~> 0.20)
      opentelemetry-registry (~> 0.2)
      opentelemetry-semantic_conventions
    opentelemetry-semantic_conventions (1.10.1)
      opentelemetry-api (~> 1.0)
    rack (2.2.9)
    rack-protection (3.0.6)
      rack
    rake (13.2.1)
    ruby2_keywords (0.0.5)
    sinatra (3.0.6)
      mustermann (~> 3.0)
      rack (~> 2.2, >= 2.2.4)
      rack-protection (= 3.0.6)
      tilt (~> 2.0)
    thin (1.8.2)
      daemons (~> 1.0, >= 1.0.9)
      eventmachine (~> 1.0, >= 1.0.4)
      rack (>= 1, < 3)
    tilt (2.4.0)

PLATFORMS
  arm64-darwin-22
  arm64-darwin-23
  x86_64-darwin-22
  x86_64-linux

DEPENDENCIES
  opentelemetry-exporter-otlp
  opentelemetry-exporter-otlp-metrics
  opentelemetry-instrumentation-base!
  opentelemetry-instrumentation-rack!
  opentelemetry-instrumentation-sinatra!
  opentelemetry-metrics-sdk!
  opentelemetry-sdk
  sinatra (~> 3.0.6)
  thin (~> 1.8.2)

RUBY VERSION
   ruby 3.2.2p53

BUNDLED WITH
   2.4.10
